PATH
  remote: .
  specs:
    rake_dependencies (0.20.0.pre.pre.1)
      hamster (~> 3.0)
      minitar (~> 0.7)
      rubyzip (>= 1.2.2)

GEM
  remote: https://rubygems.org/
  specs:
    activesupport (5.2.1)
      concurrent-ruby (~> 1.0, >= 1.0.2)
      i18n (>= 0.7, < 2)
      minitest (~> 5.1)
      tzinfo (~> 1.1)
    concurrent-ruby (1.1.3)
    diff-lcs (1.3)
    docile (1.3.1)
    fakefs (0.18.0)
    gem-release (2.0.1)
    hamster (3.0.0)
      concurrent-ruby (~> 1.0)
    i18n (1.1.1)
      concurrent-ruby (~> 1.0)
    json (2.1.0)
    minitar (0.7)
    minitest (5.11.3)
    rake (12.3.1)
    rspec (3.8.0)
      rspec-core (~> 3.8.0)
      rspec-expectations (~> 3.8.0)
      rspec-mocks (~> 3.8.0)
    rspec-core (3.8.0)
      rspec-support (~> 3.8.0)
    rspec-expectations (3.8.2)
      diff-lcs (>= 1.2.0, < 2.0)
      rspec-support (~> 3.8.0)
    rspec-mocks (3.8.0)
      diff-lcs (>= 1.2.0, < 2.0)
      rspec-support (~> 3.8.0)
    rspec-support (3.8.0)
    rubyzip (1.2.2)
    simplecov (0.16.1)
      docile (~> 1.1)
      json (>= 1.8, < 3)
      simplecov-html (~> 0.10.0)
    simplecov-html (0.10.2)
    thread_safe (0.3.6)
    tzinfo (1.2.5)
      thread_safe (~> 0.1)

PLATFORMS
  ruby

DEPENDENCIES
  activesupport (~> 5.2)
  bundler (~> 1.17)
  fakefs (~> 0.18)
  gem-release (~> 2.0)
  rake (~> 12.3)
  rake_dependencies!
  rspec (~> 3.8)
  simplecov (~> 0.16)

BUNDLED WITH
   1.17.1
