PATH
  remote: .
  specs:
    rake-dependencies (0.2.0)
      hamster (~> 3.0)
      mattock (~> 0.10)

GEM
  remote: https://rubygems.org/
  specs:
    activesupport (4.2.7.1)
      i18n (~> 0.7)
      json (~> 1.7, >= 1.7.7)
      minitest (~> 5.1)
      thread_safe (~> 0.3, >= 0.3.4)
      tzinfo (~> 1.1)
    calibrate (0.0.1)
    caliph (0.3.1)
    concurrent-ruby (1.0.2)
    diff-lcs (1.3)
    fakefs (0.10.2)
    gem-release (0.7.4)
    hamster (3.0.0)
      concurrent-ruby (~> 1.0)
    i18n (0.8.0)
    json (1.8.6)
    mattock (0.10.1)
      calibrate (~> 0.0.1)
      caliph (~> 0.3)
      rake (~> 10.0)
      tilt (> 0)
      valise (~> 1.1)
    minitest (5.10.1)
    rake (10.5.0)
    rspec (3.5.0)
      rspec-core (~> 3.5.0)
      rspec-expectations (~> 3.5.0)
      rspec-mocks (~> 3.5.0)
    rspec-core (3.5.4)
      rspec-support (~> 3.5.0)
    rspec-expectations (3.5.0)
      diff-lcs (>= 1.2.0, < 2.0)
      rspec-support (~> 3.5.0)
    rspec-mocks (3.5.0)
      diff-lcs (>= 1.2.0, < 2.0)
      rspec-support (~> 3.5.0)
    rspec-support (3.5.0)
    thread_safe (0.3.5)
    tilt (2.0.6)
    tzinfo (1.2.2)
      thread_safe (~> 0.1)
    valise (1.2.1)

PLATFORMS
  ruby

DEPENDENCIES
  activesupport (~> 4.2)
  bundler (~> 1.14)
  fakefs (~> 0.10)
  gem-release (~> 0.7)
  rake (~> 10.0)
  rake-dependencies!
  rspec (~> 3.0)

BUNDLED WITH
   1.14.3
