PATH
  remote: .
  specs:
    rake_dependencies (2.1.0)
      hamster (~> 3.0)
      minitar (~> 0.9)
      rake_factory (~> 0.23)
      rubyzip (>= 1.3)

GEM
  remote: https://rubygems.org/
  specs:
    activesupport (5.2.4.1)
      concurrent-ruby (~> 1.0, >= 1.0.2)
      i18n (>= 0.7, < 2)
      minitest (~> 5.1)
      tzinfo (~> 1.1)
    concurrent-ruby (1.1.5)
    diff-lcs (1.3)
    docile (1.3.2)
    fakefs (1.0.0)
    gem-release (2.1.1)
    hamster (3.0.0)
      concurrent-ruby (~> 1.0)
    i18n (1.8.2)
      concurrent-ruby (~> 1.0)
    json (2.3.0)
    minitar (0.9)
    minitest (5.14.0)
    rake (13.0.1)
    rake_factory (0.23.0)
      activesupport (>= 4)
      rake (~> 13.0)
    rspec (3.9.0)
      rspec-core (~> 3.9.0)
      rspec-expectations (~> 3.9.0)
      rspec-mocks (~> 3.9.0)
    rspec-core (3.9.1)
      rspec-support (~> 3.9.1)
    rspec-expectations (3.9.0)
      diff-lcs (>= 1.2.0, < 2.0)
      rspec-support (~> 3.9.0)
    rspec-mocks (3.9.1)
      diff-lcs (>= 1.2.0, < 2.0)
      rspec-support (~> 3.9.0)
    rspec-support (3.9.2)
    rubyzip (2.2.0)
    simplecov (0.17.1)
      docile (~> 1.1)
      json (>= 1.8, < 3)
      simplecov-html (~> 0.10.0)
    simplecov-html (0.10.2)
    thread_safe (0.3.6)
    tzinfo (1.2.6)
      thread_safe (~> 0.1)

PLATFORMS
  ruby

DEPENDENCIES
  activesupport (>= 4)
  bundler (~> 2.1)
  fakefs (~> 1.0)
  gem-release (~> 2.1)
  rake (~> 13.0)
  rake_dependencies!
  rspec (~> 3.9)
  simplecov (~> 0.17)

BUNDLED WITH
   2.1.4
